GEM
  remote: https://rubygems.org/
  specs:
    childprocess (3.0.0)
    minitest (5.14.2)
    nokogiri (1.13.6-x86_64-darwin)
      racc (~> 1.4)
    racc (1.6.0)
    rubyzip (1.3.0)
    selenium-webdriver (3.142.7)
      childprocess (>= 0.5, < 4.0)
      rubyzip (>= 1.2.2)
    webdrivers (3.9.4)
      nokogiri (~> 1.6)
      rubyzip (~> 1.0)
      selenium-webdriver (~> 3.0)

PLATFORMS
  x86_64-darwin-20

DEPENDENCIES
  minitest
  selenium-webdriver
  webdrivers (~> 3.0)

BUNDLED WITH
   2.3.16
